GEM
  remote: http://rubygems.org/
  specs:
    builder (3.1.4)
    diff-lcs (1.1.3)
    excon (0.16.10)
    faraday (0.8.4)
      multipart-post (~> 1.1)
    fog (1.9.0)
      builder
      excon (~> 0.14)
      formatador (~> 0.2.0)
      mime-types
      multi_json (~> 1.0)
      net-scp (~> 1.0.4)
      net-ssh (>= 2.1.3)
      nokogiri (~> 1.5.0)
      ruby-hmac
    formatador (0.2.4)
    git (1.2.5)
    github_api (0.8.1)
      faraday (~> 0.8.1)
      hashie (~> 1.2.0)
      multi_json (~> 1.3)
      nokogiri (~> 1.5.2)
      oauth2
    hashie (1.2.0)
    highline (1.6.15)
    httpauth (0.2.0)
    jeweler (1.8.4)
      bundler (~> 1.0)
      git (>= 1.2.5)
      github_api (>= 0.8.1)
      highline (>= 1.6.15)
      rake
      rdoc
    json (1.7.7)
    jwt (0.1.5)
      multi_json (>= 1.0)
    mime-types (1.20.1)
    multi_json (1.5.0)
    multipart-post (1.1.5)
    net-scp (1.1)
      net-ssh (>= 2.6.5)
    net-ssh (2.6.5)
    nokogiri (1.5.6)
    oauth2 (0.8.0)
      faraday (~> 0.8)
      httpauth (~> 0.1)
      jwt (~> 0.1.4)
      multi_json (~> 1.0)
      rack (~> 1.2)
    rack (1.4.4)
    rake (10.0.3)
    rdoc (3.12.1)
      json (~> 1.4)
    rspec (2.12.0)
      rspec-core (~> 2.12.0)
      rspec-expectations (~> 2.12.0)
      rspec-mocks (~> 2.12.0)
    rspec-core (2.12.2)
    rspec-expectations (2.12.1)
      diff-lcs (~> 1.1.3)
    rspec-mocks (2.12.2)
    ruby-hmac (0.4.0)

PLATFORMS
  ruby

DEPENDENCIES
  bundler
  fog
  jeweler (~> 1.8.4)
  json (~> 1.7.7)
  rdoc
  rspec
